GEM
  remote: https://rubygems.org/
  specs:
    addressable (2.8.0)
      public_suffix (>= 2.0.2, < 6.0)
    colorator (1.1.0)
    concurrent-ruby (1.2.2)
    em-websocket (0.5.2)
      eventmachine (>= 1.2.0)
      http_parser.rb (~> 0.6.0)
    eventmachine (1.2.7)
    ffi (1.15.5)
    forwardable-extended (2.6.0)
    http_parser.rb (0.6.0)
    i18n (1.10.0)
      concurrent-ruby (~> 1.0)
    jekyll (4.3.0)
      addressable (~> 2.8)
      colorator (~> 1.0)
      em-websocket (~> 0.5)
      i18n (~> 1.0)
      jekyll-sass-converter (~> 2.1)
      jekyll-watch (~> 2.0)
      kramdown (~> 2.3)
      liquid (~> 4.0)
      mercenary (~> 0.3.6)
      pathutil (~> 0.9)
      rouge (>= 3.3, < 5)
      safe_yaml (~> 1.0)
    jekyll-archives (2.3.0)
      jekyll (>= 4.0)
    jekyll-feed (0.16.0)
      jekyll (>= 4.0)
    jekyll-paginate (1.2.0)
    jekyll-sass-converter (2.3.0)
      sassc (>= 2.4)
    jekyll-seo-tag (2.8.0)
      jekyll (>= 4.0)
    jekyll-sitemap (1.4.0)
      jekyll (>= 4.0)
    jekyll-watch (2.2.1)
      listen (~> 3.1)
    kramdown (2.3.1)
    liquid (4.0.3)
    listen (3.7.1)
      rb-fsevent (~> 0.11)
      rb-inotify (~> 0.10)
    mercenary (0.3.6)
    pathutil (0.16.2)
      forwardable-extended (~> 2.6)
    public_suffix (4.0.7)
    rb-fsevent (0.11.1)
    rb-inotify (0.10.1)
      ffi (~> 1.10)
    rouge (4.0.0)
    safe_yaml (1.0.5)
    sassc (2.4.0)

PLATFORMS
  ruby
  x64-mingw32

DEPENDENCIES
  jekyll-archives
  jekyll-feed
  jekyll-paginate
  jekyll-seo-tag
  jekyll-sitemap
  kramdown
  rouge

BUNDLED WITH
   2.2.28
